##TITLE=Parameter List, ParaVision 6.0.1
##JCAMPDX=4.24
##DATATYPE=Parameter Values
##ORIGIN=Bruker BioSpin MRI GmbH
##OWNER=shihlab
$$ 2020-05-08 13:13:12.050 -0400  shihlab@CZC642BNVQ
$$ /opt/PV6.0.1/data/shihlab/20200508_105516_MM200508_1_1_1/13/pdata/1/visu_pars
$$ process /opt/PV6.0.1/prog/bin/parxserver
##$VisuVersion=3
##$VisuUid=( 65 )
<2.16.756.5.5.100.8323328.171013.1588957992.1>
##$VisuCreator=( 65 )
<ParaVision>
##$VisuCreatorVersion=( 65 )
<6.0.1>
##$VisuCreationDate=<2020-05-08T13:13:12,048-0400>
##$VisuInstanceModality=( 65 )
<MR>
$$ @vis= VisuVersion VisuUid VisuCreator VisuCreatorVersion VisuCreationDate
##$VisuCoreFrameCount=8
##$VisuCoreDim=1
##$VisuCoreSize=( 1 )
16
$$ @vis= VisuInstanceModality VisuInstance VisuCoreFrameCount VisuCoreDim
##$VisuCoreDimDesc=( 1 )
spectroscopic
##$VisuCoreExtent=( 1 )
24.9785088504693
##$VisuCoreUnits=( 1, 65 )
<[ppm]>
##$VisuCoreDataMin=( 8 )
642.344233164838 329.78591240229 74.6704582643004 58.6166687449643 
165.760069828629 381.64961961223 592.979130081205 624.959815962304
$$ @vis= VisuCoreSize VisuCoreDimDesc VisuCoreExtent VisuCoreUnits
##$VisuCoreDataMax=( 8 )
27765.562545969 12919.3651810764 1210.5524559125 5322.07635813627 
10645.323852495 21266.4748264717 31581.8913858706 32766.5
##$VisuCoreDataOffs=( 8 )
0 0 0 0 0 0 0 0
##$VisuCoreDataSlope=( 8 )
16.708453971099 16.708453971099 16.708453971099 16.708453971099 
16.708453971099 16.708453971099 16.708453971099 16.708453971099
##$VisuCoreFrameType=( 1 )
MAGNITUDE_IMAGE
$$ @vis= VisuCoreDataMin VisuCoreDataMax VisuCoreDataOffs VisuCoreDataSlope
##$VisuCoreWordType=_16BIT_SGN_INT
##$VisuCoreByteOrder=littleEndian
$$ @vis= VisuCoreFrameType VisuCore VisuCoreWordType VisuCoreByteOrder
##$VisuFGOrderDescDim=1
##$VisuFGOrderDesc=( 1 )
(8, <FG_CYCLE>, <>, 0, 0)
##$VisuSubjectName=( 65 )
<MM200508_1>
$$ @vis= VisuPixel VisuFGOrderDescDim VisuFGOrderDesc VisuFrameOrderDesc
##$VisuSubjectId=( 65 )
<MM200508_1>
##$VisuSubjectUid=( 65 )
<2.16.756.5.5.100.8323328.102800.1588949716.3>
##$VisuSubjectInstanceCreationDate=(1588949716, 503, -240)
$$ @vis= VisuSubjectName VisuSubjectId VisuSubjectUid
##$VisuSubjectBirthDate=( 9 )
<20200508>
##$VisuSubjectSex=UNKNOWN
##$VisuSubjectType=Quadruped
$$ @vis= VisuSubjectInstanceCreationDate VisuSubjectBirthDate VisuSubjectSex
##$VisuStudyUid=( 65 )
<2.16.756.5.5.100.8323328.102800.1588949716.4>
##$VisuStudyDate=<2020-05-08T10:55:16,504-0400>
##$VisuStudyId=( 65 )
<4mM>
##$VisuStudyNumber=1
$$ @vis= VisuSubjectType VisuSubject VisuStudyUid VisuStudyDate VisuStudyId
##$VisuSubjectWeight=0.001
##$VisuStudyReferringPhysician=( 65 )
<shihlab>
##$VisuStudyDescription=( 2048 )
<\
>
$$ @vis= VisuStudyNumber VisuSubjectWeight VisuStudyReferringPhysician
##$VisuExperimentNumber=13
##$VisuProcessingNumber=1
$$ @vis= VisuStudyDescription VisuStudy VisuExperimentNumber
##$VisuSeriesDate=<2020-05-08T13:13:12,048-0400>
##$VisuSubjectPosition=Head_Supine
##$VisuSeriesTypeId=( 65 )
<ACQ_USER_PVM>
$$ @vis= VisuProcessingNumber VisuSeriesDate VisuSubjectPosition
$$ @vis= VisuSeriesTypeId VisuSeries VisuCoilReceive VisuCoilTransmit
##$VisuManufacturer=( 65 )
<Bruker BioSpin MRI GmbH>
##$VisuAcqSoftwareVersion=( 65 )
<6.0.1>
##$VisuInstitution=( 65 )
<Univ. of North Carolina>
$$ @vis= VisuContrastAgent VisuManufacturer VisuAcqSoftwareVersion
##$VisuStation=( 65 )
<Biospec 94/30>
##$VisuSystemOrderNumber=( 65 )
<BT001005>
##$VisuAcqDate=<2020-05-08T13:11:20,324-0400>
$$ @vis= VisuInstitution VisuStation VisuSystemOrderNumber VisuEquipment
##$VisuAcqEchoTrainLength=1
##$VisuAcqSequenceName=( 40 )
<User:invSpect>
##$VisuAcqNumberOfAverages=1
$$ @vis= VisuAcqDate VisuAcqEchoTrainLength VisuAcqSequenceName
##$VisuAcqImagingFrequency=400.344154243303
##$VisuAcqImagedNucleus=( 8 )
<1H>
##$VisuAcqRepetitionTime=( 1 )
11200
$$ @vis= VisuAcqNumberOfAverages VisuAcqImagingFrequency VisuAcqImagedNucleus
##$VisuAcqFlipAngle=90
##$VisuAcqEchoTime=( 1 )
0
##$VisuAcquisitionProtocol=( 65 )
<invSpect>
$$ @vis= VisuAcqRepetitionTime VisuAcqFlipAngle VisuAcqEchoTime
##$VisuAcqScanTime=120000
##$VisuAcqEchoSequenceType=Both
##$VisuAcqSpinsVelocityEncoded=No
$$ @vis= VisuAcquisitionProtocol VisuAcqScanTime VisuAcqEchoSequenceType
##$VisuAcqHasTimeOfFlightContrast=No
##$VisuAcqIsEpiSequence=No
$$ @vis= VisuAcqSpinsVelocityEncoded VisuAcqHasTimeOfFlightContrast
##$VisuAcqSpectralSuppression=NoSuppression
##$VisuAcqKSpaceTraversal=RectilinearTraversal
$$ @vis= VisuAcqIsEpiSequence VisuAcqSpectralSuppression
##$VisuAcqKSpaceTrajectoryCnt=1
##$VisuAcqFlowCompensation=FlowNone
$$ @vis= VisuAcqKSpaceTraversal VisuAcqKSpaceTrajectoryCnt
##$VisuAcqSpoiling=GradientSpoiled
##$VisuAcqMagnetizationTransfer=No
##$VisuAcqBloodSignalNulling=No
$$ @vis= VisuAcqFlowCompensation VisuAcqSpoiling VisuAcqMagnetizationTransfer
##$VisuCardiacSynchUsed=No
##$VisuRespSynchUsed=No
$$ @vis= VisuAcqBloodSignalNulling VisuCardiacSynchUsed VisuRespSynchUsed
$$ @vis= VisuAcquisition VisuMpi VisuDepricated Visu
##END=
$$ File finished by PARX at 2020-05-08 13:13:12.051 -0400
