##TITLE=Parameter List, ParaVision 6.0.1
##JCAMPDX=4.24
##DATATYPE=Parameter Values
##ORIGIN=Bruker BioSpin MRI GmbH
##OWNER=shihlab
$$ 2020-05-08 16:16:49.692 -0400  shihlab@CZC642BNVQ
$$ /opt/PV6.0.1/data/shihlab/20200508_151141_MM200508_2_1_1/8/visu_pars
$$ process /opt/PV6.0.1/prog/bin/parxserver
##$VisuVersion=3
##$VisuUid=( 65 )
<2.16.756.5.5.100.8323328.64969.1588968998.1>
##$VisuCreator=( 65 )
<ParaVision>
##$VisuCreatorVersion=( 65 )
<6.0.1>
##$VisuCreationDate=<2020-05-08T16:16:38,465-0400>
##$VisuInstanceModality=( 65 )
<MR>
##$VisuCoreFrameCount=8
##$VisuCoreDim=1
##$VisuCoreSize=( 1 )
16
##$VisuCoreDimDesc=( 1 )
spectroscopic
##$VisuCoreExtent=( 1 )
24.9785078012439
##$VisuCoreUnits=( 1, 65 )
<[ppm]>
##$VisuCoreDataMin=( 8 )
622.496832837728 303.314605433804 13.0085825027292 66.2009065763349 
168.566031088343 379.531400417444 586.224904260979 621.070141737237
##$VisuCoreDataMax=( 8 )
27179.5423545221 11697.644190792 663.410747154309 6721.34021118585 
11966.7589680123 22301.7039532905 31751.2703599619 32766.5
##$VisuCoreDataOffs=( 8 )
0 0 0 0 0 0 0 0
##$VisuCoreDataSlope=( 8 )
16.2609629942326 16.2609629942326 16.2609629942326 16.2609629942326 
16.2609629942326 16.2609629942326 16.2609629942326 16.2609629942326
##$VisuCoreFrameType=( 1 )
MAGNITUDE_IMAGE
##$VisuCoreWordType=_16BIT_SGN_INT
##$VisuCoreByteOrder=littleEndian
##$VisuFGOrderDescDim=1
##$VisuFGOrderDesc=( 1 )
(8, <FG_CYCLE>, <>, 0, 0)
##$VisuSubjectName=( 65 )
<MM200508_2>
##$VisuSubjectId=( 65 )
<MM200508_2>
##$VisuSubjectUid=( 65 )
<2.16.756.5.5.100.8323328.102800.1588965101.498>
##$VisuSubjectInstanceCreationDate=(1588965101, 884, -240)
##$VisuSubjectBirthDate=( 9 )
<20200508>
##$VisuSubjectSex=UNKNOWN
##$VisuSubjectType=Quadruped
##$VisuStudyUid=( 65 )
<2.16.756.5.5.100.8323328.102800.1588965101.499>
##$VisuStudyDate=<2020-05-08T15:11:41,884-0400>
##$VisuStudyId=( 65 )
<16mM>
##$VisuStudyNumber=1
##$VisuSubjectWeight=0.001
##$VisuStudyReferringPhysician=( 65 )
<shihla2>
##$VisuStudyDescription=( 2048 )
<\
>
##$VisuExperimentNumber=8
##$VisuProcessingNumber=1
##$VisuSeriesDate=<2020-05-08T16:16:38,465-0400>
##$VisuSubjectPosition=Head_Supine
##$VisuSeriesTypeId=( 65 )
<ACQ_USER_PVM>
##$VisuManufacturer=( 65 )
<Bruker BioSpin MRI GmbH>
##$VisuAcqSoftwareVersion=( 65 )
<6.0.1>
##$VisuInstitution=( 65 )
<Univ. of North Carolina>
##$VisuStation=( 65 )
<Biospec 94/30>
##$VisuSystemOrderNumber=( 65 )
<BT001005>
##$VisuAcqDate=<2020-05-08T16:14:47,001-0400>
##$VisuAcqEchoTrainLength=1
##$VisuAcqSequenceName=( 40 )
<User:invSpect>
##$VisuAcqNumberOfAverages=1
##$VisuAcqImagingFrequency=400.344171059811
##$VisuAcqImagedNucleus=( 8 )
<1H>
##$VisuAcqRepetitionTime=( 1 )
11200
##$VisuAcqFlipAngle=90
##$VisuAcqEchoTime=( 1 )
0
##$VisuAcquisitionProtocol=( 65 )
<invSpect>
##$VisuAcqScanTime=120000
##$VisuAcqEchoSequenceType=Both
##$VisuAcqSpinsVelocityEncoded=No
##$VisuAcqHasTimeOfFlightContrast=No
##$VisuAcqIsEpiSequence=No
##$VisuAcqSpectralSuppression=NoSuppression
##$VisuAcqKSpaceTraversal=RectilinearTraversal
##$VisuAcqKSpaceTrajectoryCnt=1
##$VisuAcqFlowCompensation=FlowNone
##$VisuAcqSpoiling=GradientSpoiled
##$VisuAcqMagnetizationTransfer=No
##$VisuAcqBloodSignalNulling=No
##$VisuCardiacSynchUsed=No
##$VisuRespSynchUsed=No
##END=
$$ File finished by PARX at 2020-05-08 16:16:49.693 -0400
