##TITLE=Parameter List, ParaVision 6.0.1
##JCAMPDX=4.24
##DATATYPE=Parameter Values
##ORIGIN=Bruker BioSpin MRI GmbH
##OWNER=nmrsu
$$ 2020-04-21 08:19:28.169 -0400  nmrsu@CZC642BNVQ
$$ /opt/PV6.0.1/conf/instr/spect/specpar
$$ process /opt/PV6.0.1/prog/mod/pvsysman
##$BF1=400.3
##$BF2=400.3
##$BF3=400.3
##$HPMOD=0 0 1 0 0 0 0 0
##$HPPRECH=-1 0 1 -1 -1 -1 -1 -1 -1 -1 -1 -1 -1 -1 -1 -1
##$NUC1=<10>
##$NUC2=<0>
##$NUC3=<0>
##$NUC4=<0>
##$NUC5=<0>
##$NUC6=<0>
##$NUC7=<0>
##$NUC8=<0>
##$NUCARR=400.3 61.4485 426.976 304.946 58.9085 155.572 56.2494 43.0069 
128.432 100.656 28.9172 40.562 54.2665 376.658 31.6009 105.887 24.5049 
104.306 79.5284 162.044 30.727 39.221 32.6474 18.6795 10.2529 26.9403 97.2399 
22.567 22.5731 39.9111 105.291 22.6269 99.2312 12.9608 94.9795 35.771 106.141 
113.7 25.046 96.0774 122.078 13.9637 68.5418 76.3433 20.8865 100.291 108.107 
15.4019 38.6487 130.98 17.3483 19.6155 37.2131 97.9781 26.0873 26.6347 
90.1008 18.4344 20.661 12.7553 18.3181 16.2034 18.6281 84.9256 88.8393 
87.5286 87.7163 130.973 142.636 149.274 95.7941 51.8757 104.757 126.294 80.09 
111.324 33.0004 52.5039 39.7676 44.4851 52.8168 56.5449 122.572 21.8163 
13.4501 16.6925 13.7703 99.5146 43.9529 12.2892 16.1321 96.2321 13.7703 
19.2945 85.424 11.5286 33.1849 70.0497 19.2985 45.6502 32.5484 16.04 10.0756 
47.9944 16.678 90.166 91.0747 9.13617 31.0849 6.87715 7.48961 86.0516 6.92119 
71.697 26.4662 228.664 230.908 83.7452 64.3254 7.37112 100 100 100 100
##$OFFSF=0 0 0 0 0 0 0 0
##$OFFSH=-20053.4 -19565.5 0 0 0 0 0 0
##$OFFSX=-1562.7 0 0 0 0 0 0 0
##$PRECHAN=-1 -1 2 -1 -1 -1 -1 -1 -1 -1 -1 -1 -1 -1 -1 -1
##$RECPRE=-1 0 1 -1 -1 -1 -1 -1 -1 -1 -1 -1 -1 -1 -1 -1
##$RECSEL=0 1 2 0 0 0 0 0 0 0 0 0 0 0 0 0
##$SELREC=0 0 0 0 0 0 0 0 0 0
##$SFO1=100.653952
##$SFO2=400.279947
##$SFO3=400.3
##$SFO4=400.3
##$SFO5=400.3
##$SFO6=400.3
##$SFO7=400.3
##$SFO8=400.3
##END=
